PATH
  remote: .
  specs:
    nostr_ruby (0.3.0)
      base64 (>= 0.2.0)
      bech32 (~> 1.4.0)
      bip-schnorr (~> 0.4.0)
      faye-websocket (~> 0.11)
      json (~> 2.6.2)
      unicode-emoji (~> 3.3.1)

GEM
  remote: https://rubygems.org/
  specs:
    base64 (0.3.0)
    bech32 (1.4.2)
      thor (>= 1.1.0)
    bip-schnorr (0.4.0)
      ecdsa (~> 1.2.0)
    ecdsa (1.2.0)
    eventmachine (1.2.7)
    faye-websocket (0.12.0)
      eventmachine (>= 0.12.0)
      websocket-driver (>= 0.8.0)
    json (2.6.3)
    thor (1.3.2)
    unicode-emoji (3.3.2)
      unicode-version (~> 1.0)
    unicode-version (1.5.0)
    websocket-driver (0.8.0)
      base64
      websocket-extensions (>= 0.1.0)
    websocket-extensions (0.1.5)

PLATFORMS
  arm64-darwin-21

DEPENDENCIES
  nostr_ruby!

BUNDLED WITH
   2.3.14
